PATH
  remote: .
  specs:
    git-reviewer (0.15.0)
      claide (~> 1.1.0)
      claide-plugins (~> 0.9.2)
      terminal-table (~> 3.0.2)

GEM
  remote: https://gems.ruby-china.com/
  specs:
    claide (1.1.0)
    claide-plugins (0.9.2)
      cork
      nap
      open4 (~> 1.3)
    colored2 (3.1.2)
    cork (0.3.0)
      colored2 (~> 3.1)
    debug (1.8.0)
      irb (>= 1.5.0)
      reline (>= 0.3.1)
    diff-lcs (1.5.1)
    io-console (0.7.2)
    irb (1.6.3)
      reline (>= 0.3.0)
    nap (1.1.0)
    open4 (1.3.4)
    rake (13.1.0)
    reline (0.5.0)
      io-console (~> 0.5)
    rspec (3.13.0)
      rspec-core (~> 3.13.0)
      rspec-expectations (~> 3.13.0)
      rspec-mocks (~> 3.13.0)
    rspec-core (3.13.0)
      rspec-support (~> 3.13.0)
    rspec-expectations (3.13.0)
      diff-lcs (>= 1.2.0, < 2.0)
      rspec-support (~> 3.13.0)
    rspec-mocks (3.13.0)
      diff-lcs (>= 1.2.0, < 2.0)
      rspec-support (~> 3.13.0)
    rspec-support (3.13.1)
    terminal-table (3.0.2)
      unicode-display_width (>= 1.1.1, < 3)
    unicode-display_width (2.5.0)

PLATFORMS
  arm64-darwin-22
  x86_64-darwin-22
  x86_64-darwin-23

DEPENDENCIES
  claide (~> 1.1.0)
  debug
  git-reviewer!
  rake (~> 13.0)
  rspec (~> 3.0)
  terminal-table (~> 3.0.2)

BUNDLED WITH
   2.3.9
